PATH
  remote: .
  specs:
    htio (0.1)
      http-2 (~> 0.10.0)
      http_parser.rb (~> 0.6.0)
      polyphony (~> 0.57.0)

GEM
  remote: https://rubygems.org/
  specs:
    ansi (1.5.0)
    builder (3.2.4)
    docile (1.4.0)
    http-2 (0.10.2)
    http_parser.rb (0.6.0)
    json (2.5.1)
    localhost (1.1.8)
    minitest (5.11.3)
    minitest-reporters (1.4.3)
      ansi
      builder
      minitest (>= 5.0)
      ruby-progressbar
    polyphony (0.57.0)
    rake (12.3.3)
    ruby-progressbar (1.11.0)
    simplecov (0.17.1)
      docile (~> 1.1)
      json (>= 1.8, < 3)
      simplecov-html (~> 0.10.0)
    simplecov-html (0.10.2)

PLATFORMS
  ruby

DEPENDENCIES
  htio!
  localhost (~> 1.1.4)
  minitest (~> 5.11.3)
  minitest-reporters (~> 1.4.2)
  rake (~> 12.3.3)
  simplecov (~> 0.17.1)

BUNDLED WITH
   2.1.4
